GIT
  remote: git://github.com/defunkt/fakefs.git
  revision: 57d1dd3cfb1a62cfe70aae6a63e20825b22624d0
  ref: 57d1dd3cfb1a62cfe70aae6a63e20825b22624d0
  specs:
    fakefs (0.4.0)

GEM
  remote: https://rubygems.org/
  specs:
    diff-lcs (1.1.3)
    rspec (2.9.0)
      rspec-core (~> 2.9.0)
      rspec-expectations (~> 2.9.0)
      rspec-mocks (~> 2.9.0)
    rspec-core (2.9.0)
    rspec-expectations (2.9.0)
      diff-lcs (~> 1.1.3)
    rspec-mocks (2.9.0)
    trollop (1.16.2)

PLATFORMS
  ruby

DEPENDENCIES
  fakefs!
  rspec
  trollop
