GIT
  remote: git://github.com/defunkt/fakefs.git
  revision: 57d1dd3cfb1a62cfe70aae6a63e20825b22624d0
  ref: 57d1dd3cfb1a62cfe70aae6a63e20825b22624d0
  specs:
    fakefs (0.4.0)

PATH
  remote: .
  specs:
    to_from (0.1)
      clip (~> 1.0)

GEM
  remote: https://rubygems.org/
  specs:
    clip (1.0.2)
    diff-lcs (1.1.3)
    rake (0.9.2.2)
    rspec (2.9.0)
      rspec-core (~> 2.9.0)
      rspec-expectations (~> 2.9.0)
      rspec-mocks (~> 2.9.0)
    rspec-core (2.9.0)
    rspec-expectations (2.9.0)
      diff-lcs (~> 1.1.3)
    rspec-mocks (2.9.0)

PLATFORMS
  ruby

DEPENDENCIES
  fakefs!
  rake
  rspec (~> 2.9)
  to_from!
