GEM
  remote: https://rubygems.org/
  specs:
    minitest (2.11.4)
    trollop (1.16.2)

PLATFORMS
  ruby

DEPENDENCIES
  minitest
  trollop
